GIT
  remote: https://github.com/smallspark/sinatra-sequel
  revision: a36a7c633981fc37d8b6de5ee8af2315d0fb712e
  specs:
    sinatra-sequel (0.9.0)
      sequel (>= 3.2.0)
      sinatra (>= 0.9.4)

GEM
  remote: https://rubygems.org/
  specs:
    coderay (1.1.1)
    daemons (1.2.3)
    eventmachine (1.2.0.1)
    method_source (0.8.2)
    pg (0.18.4)
    pry (0.10.3)
      coderay (~> 1.1.0)
      method_source (~> 0.8.1)
      slop (~> 3.4)
    pry-remote (0.1.8)
      pry (~> 0.9)
      slop (~> 3.0)
    rack (1.6.4)
    rack-protection (1.5.3)
      rack
    sequel (4.35.0)
    sinatra (1.4.7)
      rack (~> 1.5)
      rack-protection (~> 1.4)
      tilt (>= 1.3, < 3)
    slop (3.6.0)
    thin (1.7.0)
      daemons (~> 1.0, >= 1.0.9)
      eventmachine (~> 1.0, >= 1.0.4)
      rack (>= 1, < 3)
    tilt (2.0.5)

PLATFORMS
  ruby

DEPENDENCIES
  pg
  pry-remote
  sinatra
  sinatra-sequel!
  thin

RUBY VERSION
   ruby 2.3.1p112

BUNDLED WITH
   1.12.1
